GEM
  remote: http://rubygems.org/
  specs:
    ZenTest (4.4.2)
    autotest-growl (0.2.9)
    diff-lcs (1.1.2)
    json (1.5.1)
    rspec (2.4.0)
      rspec-core (~> 2.4.0)
      rspec-expectations (~> 2.4.0)
      rspec-mocks (~> 2.4.0)
    rspec-core (2.4.0)
    rspec-expectations (2.4.0)
      diff-lcs (~> 1.1.2)
    rspec-mocks (2.4.0)

PLATFORMS
  ruby

DEPENDENCIES
  ZenTest (= 4.4.2)
  autotest-growl (= 0.2.9)
  json
  rspec (= 2.4.0)
